GIT
  remote: git://github.com/ahawkins/chassis.git
  revision: 38eea743bd3e057d7d3f66e4754225b4766be4aa
  specs:
    chassis (0.1.0)
      faraday
      harness
      harness-rack
      logger-better
      manifold
      prox
      rack-contrib
      sinatra
      sinatra-contrib
      virtus
      virtus-dirty_attribute

GEM
  remote: https://rubygems.org/
  specs:
    active_model_serializers (0.8.1)
      activemodel (>= 3.0)
    activemodel (4.0.2)
      activesupport (= 4.0.2)
      builder (~> 3.1.0)
    activesupport (4.0.2)
      i18n (~> 0.6, >= 0.6.4)
      minitest (~> 4.2)
      multi_json (~> 1.3)
      thread_safe (~> 0.1)
      tzinfo (~> 0.3.37)
    addressable (2.3.5)
    atomic (1.1.14)
    axiom-types (0.0.5)
      descendants_tracker (~> 0.0.1)
      ice_nine (~> 0.9)
    backports (3.4.0)
    builder (3.1.4)
    celluloid (0.15.2)
      timers (~> 1.1.0)
    coercible (1.0.0)
      descendants_tracker (~> 0.0.1)
    connection_pool (1.2.0)
    crack (0.4.1)
      safe_yaml (~> 0.9.0)
    descendants_tracker (0.0.3)
    equalizer (0.0.9)
    fabrication (2.9.6)
    faraday (0.8.9)
      multipart-post (~> 1.2.0)
    harness (2.0.0)
      statsd-ruby
    harness-rack (0.1.0)
      harness
    i18n (0.6.9)
    ice_nine (0.11.0)
    json (1.8.1)
    logger-better (0.1.0)
    manifold (1.0.2)
    minitest (4.7.5)
    multi_json (1.8.4)
    multipart-post (1.2.0)
    prox (0.0.1)
    puma (2.7.1)
      rack (>= 1.1, < 2.0)
    rack (1.5.2)
    rack-contrib (1.1.0)
      rack (>= 0.9.1)
    rack-protection (1.5.1)
      rack
    rack-test (0.6.2)
      rack (>= 1.0)
    rake (10.1.1)
    redis (3.0.6)
    redis-namespace (1.4.1)
      redis (~> 3.0.4)
    safe_yaml (0.9.7)
    sidekiq (2.17.2)
      celluloid (>= 0.15.2)
      connection_pool (>= 1.0.0)
      json
      redis (>= 3.0.6)
      redis-namespace (>= 1.3.1)
    sinatra (1.4.4)
      rack (~> 1.4)
      rack-protection (~> 1.4)
      tilt (~> 1.3, >= 1.3.4)
    sinatra-contrib (1.4.2)
      backports (>= 2.0)
      multi_json
      rack-protection
      rack-test
      sinatra (~> 1.4.0)
      tilt (~> 1.3)
    statsd-ruby (1.2.1)
    thread_safe (0.1.3)
      atomic
    tilt (1.4.1)
    timers (1.1.0)
    tzinfo (0.3.38)
    virtus (1.0.1)
      axiom-types (~> 0.0.5)
      coercible (~> 1.0)
      descendants_tracker (~> 0.0.1)
      equalizer (~> 0.0.7)
    virtus-dirty_attribute (0.1.0)
      virtus (~> 1.0.0)
    webmock (1.16.1)
      addressable (>= 2.2.7)
      crack (>= 0.3.2)

PLATFORMS
  ruby

DEPENDENCIES
  active_model_serializers
  chassis!
  fabrication
  puma
  rack-test
  rake
  sidekiq
  webmock
